GEM
  remote: https://rubygems.org/
  specs:
    apigatewayv2_rack (0.2.2)
      base64
      rack
      stringio
    aws-eventstream (1.3.1)
    aws-partitions (1.1061.0)
    aws-sdk-core (3.220.0)
      aws-eventstream (~> 1, >= 1.3.0)
      aws-partitions (~> 1, >= 1.992.0)
      aws-sigv4 (~> 1.9)
      base64
      jmespath (~> 1, >= 1.6.1)
    aws-sdk-kms (1.99.0)
      aws-sdk-core (~> 3, >= 3.216.0)
      aws-sigv4 (~> 1.5)
    aws-sdk-s3 (1.182.0)
      aws-sdk-core (~> 3, >= 3.216.0)
      aws-sdk-kms (~> 1)
      aws-sigv4 (~> 1.5)
    aws-sdk-ssm (1.191.0)
      aws-sdk-core (~> 3, >= 3.216.0)
      aws-sigv4 (~> 1.5)
    aws-sigv4 (1.11.0)
      aws-eventstream (~> 1, >= 1.0.2)
    base64 (0.2.0)
    http-2 (1.0.2)
    httpx (1.4.2)
      http-2 (>= 1.0.0)
    jmespath (1.6.2)
    logger (1.6.6)
    mini_portile2 (2.8.8)
    mustermann (3.0.3)
      ruby2_keywords (~> 0.0.1)
    nio4r (2.7.4)
    puma (6.6.0)
      nio4r (~> 2.0)
    rack (3.1.11)
    rack-protection (4.1.1)
      base64 (>= 0.1.0)
      logger (>= 1.6.0)
      rack (>= 3.0.0, < 4)
    rack-session (2.1.0)
      base64 (>= 0.1.0)
      rack (>= 3.0.0)
    rexml (3.4.1)
    ruby2_keywords (0.0.5)
    sinatra (4.1.1)
      logger (>= 1.6.0)
      mustermann (~> 3.0)
      rack (>= 3.0.0, < 4)
      rack-protection (= 4.1.1)
      rack-session (>= 2.0.0, < 3)
      tilt (~> 2.0)
    sqlite3 (2.6.0)
      mini_portile2 (~> 2.8.0)
    stringio (3.1.5)
    tilt (2.6.0)

PLATFORMS
  ruby

DEPENDENCIES
  apigatewayv2_rack (>= 0.2.2)
  aws-sdk-s3
  aws-sdk-ssm
  base64
  httpx
  puma
  rexml
  sinatra
  sqlite3

BUNDLED WITH
   2.6.3
